PATH
  remote: .
  specs:
    writing (0.1.0)
      closure-compiler (= 1.1.6)
      directory_watcher (= 1.4.1)
      ejs (= 1.0.0)
      sass (= 3.1.15)
      sprockets (= 2.4.0)
      thin (= 1.3.1)
      thor (= 0.14.6)
      yui-compressor (= 0.9.6)

GEM
  remote: http://rubygems.org/
  specs:
    POpen4 (0.1.4)
      Platform (>= 0.4.0)
      open4
    Platform (0.4.0)
    bourne (1.1.2)
      mocha (= 0.10.5)
    closure-compiler (1.1.6)
    daemons (1.1.8)
    diff-lcs (1.1.3)
    directory_watcher (1.4.1)
    ejs (1.0.0)
    eventmachine (0.12.10)
    hike (1.2.1)
    metaclass (0.0.1)
    mocha (0.10.5)
      metaclass (~> 0.0.1)
    multi_json (1.2.0)
    open4 (1.3.0)
    rack (1.4.1)
    rake (0.9.2.2)
    redcarpet (2.1.1)
    rspec (2.9.0)
      rspec-core (~> 2.9.0)
      rspec-expectations (~> 2.9.0)
      rspec-mocks (~> 2.9.0)
    rspec-core (2.9.0)
    rspec-expectations (2.9.1)
      diff-lcs (~> 1.1.3)
    rspec-mocks (2.9.0)
    sass (3.1.15)
    sprockets (2.4.0)
      hike (~> 1.2)
      multi_json (~> 1.0)
      rack (~> 1.0)
      tilt (~> 1.1, != 1.3.0)
    thin (1.3.1)
      daemons (>= 1.0.9)
      eventmachine (>= 0.12.6)
      rack (>= 1.0.0)
    thor (0.14.6)
    tilt (1.3.3)
    yard (0.7.5)
    yui-compressor (0.9.6)
      POpen4 (>= 0.1.4)

PLATFORMS
  ruby

DEPENDENCIES
  bourne (>= 1.1.2)
  bundler (>= 1.1.0)
  rake (>= 0.9.2.2)
  redcarpet (>= 2.1.1)
  rspec (>= 2.9.0)
  writing!
  yard (>= 0.7.5)
