PATH
  remote: .
  specs:
    writing (0.1.0)
      closure-compiler (= 1.1.7)
      directory_watcher (= 1.4.1)
      ejs (= 1.1.1)
      sass (= 3.2.3)
      sprockets (= 2.8.1)
      thin (= 1.5.0)
      thor (= 0.16.0)
      yui-compressor (= 0.9.6)

GEM
  remote: http://rubygems.org/
  specs:
    POpen4 (0.1.4)
      Platform (>= 0.4.0)
      open4
    Platform (0.4.0)
    bourne (1.3.0)
      mocha (= 0.13.0)
    closure-compiler (1.1.7)
    daemons (1.1.9)
    diff-lcs (1.1.3)
    directory_watcher (1.4.1)
    ejs (1.1.1)
    eventmachine (1.0.0)
    hike (1.2.1)
    metaclass (0.0.1)
    mocha (0.13.0)
      metaclass (~> 0.0.1)
    multi_json (1.4.0)
    open4 (1.3.0)
    rack (1.4.1)
    rake (10.0.2)
    redcarpet (2.2.2)
    rspec (2.12.0)
      rspec-core (~> 2.12.0)
      rspec-expectations (~> 2.12.0)
      rspec-mocks (~> 2.12.0)
    rspec-core (2.12.1)
    rspec-expectations (2.12.0)
      diff-lcs (~> 1.1.3)
    rspec-mocks (2.12.0)
    sass (3.2.3)
    sprockets (2.8.1)
      hike (~> 1.2)
      multi_json (~> 1.0)
      rack (~> 1.0)
      tilt (~> 1.1, != 1.3.0)
    thin (1.5.0)
      daemons (>= 1.0.9)
      eventmachine (>= 0.12.6)
      rack (>= 1.0.0)
    thor (0.16.0)
    tilt (1.3.3)
    yard (0.8.3)
    yui-compressor (0.9.6)
      POpen4 (>= 0.1.4)

PLATFORMS
  ruby

DEPENDENCIES
  bourne (= 1.3.0)
  rake (= 10.0.2)
  redcarpet (= 2.2.2)
  rspec (= 2.12.0)
  writing!
  yard (= 0.8.3)
