GEM
  remote: http://rubygems.org/
  specs:
    POpen4 (0.1.4)
      Platform (>= 0.4.0)
      open4
    Platform (0.4.0)
    closure-compiler (1.1.6)
    daemons (1.1.8)
    directory_watcher (1.4.1)
    eventmachine (0.12.10)
    hike (1.2.1)
    open4 (1.3.0)
    rack (1.4.1)
    sass (3.1.15)
    sprockets (2.1.2)
      hike (~> 1.2)
      rack (~> 1.0)
      tilt (~> 1.1, != 1.3.0)
    thin (1.3.1)
      daemons (>= 1.0.9)
      eventmachine (>= 0.12.6)
      rack (>= 1.0.0)
    tilt (1.3.3)
    yui-compressor (0.9.6)
      POpen4 (>= 0.1.4)

PLATFORMS
  ruby

DEPENDENCIES
  closure-compiler
  directory_watcher
  sass
  sprockets
  thin
  yui-compressor
